GIT
  remote: https://github.com/everypolitician/jekyll-facebook_comments
  revision: 23375c9591de812839cdd2b98d1f2e1686173ec8
  branch: master
  specs:
    jekyll-facebook_comments (0.1.0)
      liquid (>= 3)

GIT
  remote: https://github.com/everypolitician/jekyll-remote_csv
  revision: 8e998a1432438f8d8ffbd387b60b3faf01d14a08
  branch: master
  specs:
    jekyll-remote_csv (0.1.0)
      jekyll (>= 3)

GIT
  remote: https://github.com/everypolitician/jekyll-search
  revision: dc250b5522cc285ba9ce86106678dd874d1a8aae
  branch: master
  specs:
    jekyll-search (0.1.0)
      jekyll (>= 3)

GEM
  remote: https://rubygems.org/
  specs:
    chunky_png (1.3.5)
    coderay (1.1.0)
    colorator (0.1)
    compass (1.0.3)
      chunky_png (~> 1.2)
      compass-core (~> 1.0.2)
      compass-import-once (~> 1.0.5)
      rb-fsevent (>= 0.9.3)
      rb-inotify (>= 0.9)
      sass (>= 3.3.13, < 3.5)
    compass-core (1.0.3)
      multi_json (~> 1.0)
      sass (>= 3.3.0, < 3.5)
    compass-import-once (1.0.5)
      sass (>= 3.2, < 3.5)
    ffi (1.9.10)
    jekyll (3.0.1)
      colorator (~> 0.1)
      jekyll-sass-converter (~> 1.0)
      jekyll-watch (~> 1.1)
      kramdown (~> 1.3)
      liquid (~> 3.0)
      mercenary (~> 0.3.3)
      rouge (~> 1.7)
      safe_yaml (~> 1.0)
    jekyll-compass (2.0.1)
      compass (~> 1.0)
      jekyll (~> 3.0)
    jekyll-everypolitician (0.6.0)
      jekyll (>= 3)
    jekyll-sass-converter (1.3.0)
      sass (~> 3.2)
    jekyll-watch (1.3.0)
      listen (~> 3.0)
    kramdown (1.9.0)
    liquid (3.0.6)
    listen (3.0.5)
      rb-fsevent (>= 0.9.3)
      rb-inotify (>= 0.9)
    mercenary (0.3.5)
    method_source (0.8.2)
    multi_json (1.11.2)
    open-uri-cached (0.0.5)
    pry (0.10.3)
      coderay (~> 1.1.0)
      method_source (~> 0.8.1)
      slop (~> 3.4)
    rb-fsevent (0.9.6)
    rb-inotify (0.9.5)
      ffi (>= 0.5.0)
    rouge (1.10.1)
    safe_yaml (1.0.4)
    sass (3.4.20)
    slop (3.6.0)

PLATFORMS
  ruby

DEPENDENCIES
  jekyll
  jekyll-compass
  jekyll-everypolitician
  jekyll-facebook_comments!
  jekyll-remote_csv!
  jekyll-search!
  open-uri-cached
  pry

BUNDLED WITH
   1.10.6
